GEM
  remote: https://rubygems.org/
  specs:
    autobuild (1.10.0.b3)
      highline
      rake (>= 0.9.0)
      utilrb (>= 1.6.0)
    autoproj (2.0.3)
      autobuild (>= 1.10.0.a)
      bundler
      concurrent-ruby
      thor (~> 0.19.0, >= 0.19.1)
      tty-color (~> 0.3.0, >= 0.3.0)
      tty-prompt
      utilrb (>= 3.0)
    concurrent-ruby (1.1.10)
    equatable (0.5.0)
    facets (3.1.0)
    highline (2.1.0)
    necromancer (0.3.0)
    pastel (0.6.1)
      equatable (~> 0.5.0)
      tty-color (~> 0.3.0)
    rake (13.0.6)
    thor (0.19.4)
    tty-color (0.3.0)
    tty-cursor (0.3.0)
    tty-prompt (0.9.0)
      necromancer (~> 0.3.0)
      pastel (~> 0.6.0)
      tty-cursor (~> 0.3.0)
      wisper (~> 1.6.1)
    utilrb (3.1.0)
      facets (>= 2.4.0)
      rake (>= 0.9)
    wisper (1.6.1)

PLATFORMS
  x86_64-linux

DEPENDENCIES
  autoproj (>= 2.0.0)
  utilrb (>= 3.0.1)

RUBY VERSION
   ruby 2.7.5p203

BUNDLED WITH
   2.4.2
